GEM
  remote: https://rubygems.org/
  specs:
    debugger-ruby_core_source (1.3.8)
    rblineprof (0.3.7)
      debugger-ruby_core_source (~> 1.3)
    rblineprof-report (0.0.4)
      term-ansicolor (~> 1.3)
    sync (0.5.0)
    term-ansicolor (1.7.1)
      tins (~> 1.0)
    tins (1.24.0)
      sync

PLATFORMS
  ruby

DEPENDENCIES
  rblineprof
  rblineprof-report

BUNDLED WITH
   1.16.6
